GEM
  remote: https://rubygems.org/
  specs:
    net-ssh (2.7.0)
    net-ssh-gateway (1.2.0)
      net-ssh (>= 2.6.5)
    thor (0.18.1)

PLATFORMS
  ruby

DEPENDENCIES
  net-ssh-gateway
  thor
